GEM
  remote: https://rubygems.org/
  specs:
    CFPropertyList (2.2.4)
    beaker (1.0.0)
      blimpy
      fission
      inifile
      json
      net-scp
      net-ssh
      nokogiri (= 1.5.10)
      rbvmomi
      unf
    blimpy (0.6.7)
      fog
      minitar
      thor
    builder (3.2.2)
    coderay (1.1.0)
    diff-lcs (1.2.5)
    docile (1.1.0)
    excon (0.28.0)
    facter (1.7.3)
    fission (0.5.0)
      CFPropertyList (~> 2.2)
    fog (1.18.0)
      builder
      excon (~> 0.28.0)
      formatador (~> 0.2.0)
      mime-types
      multi_json (~> 1.0)
      net-scp (~> 1.1)
      net-ssh (>= 2.1.3)
      nokogiri (~> 1.5)
      ruby-hmac
    formatador (0.2.4)
    highline (1.6.20)
    inifile (2.0.2)
    json (1.8.1)
    kwalify (0.7.2)
    lockfile (2.1.0)
    metaclass (0.0.1)
    method_source (0.8.2)
    mime-types (1.25)
    minitar (0.5.4)
    mocha (0.14.0)
      metaclass (~> 0.0.1)
    multi_json (1.8.2)
    net-scp (1.1.2)
      net-ssh (>= 2.6.5)
    net-ssh (2.7.0)
    nokogiri (1.5.10)
    pry (0.9.12.3)
      coderay (~> 1.0)
      method_source (~> 0.8)
      slop (~> 3.4)
    puppet (2.7.23)
      facter (~> 1.5)
    puppet-lint (0.3.2)
    puppetlabs_spec_helper (0.4.1)
      mocha (>= 0.10.5)
      rake
      rspec (>= 2.9.0)
      rspec-puppet (>= 0.1.1)
    rake (10.1.0)
    rbvmomi (1.6.0)
      builder
      nokogiri (>= 1.4.1)
      trollop
    rspec (2.14.1)
      rspec-core (~> 2.14.0)
      rspec-expectations (~> 2.14.0)
      rspec-mocks (~> 2.14.0)
    rspec-core (2.14.7)
    rspec-expectations (2.14.4)
      diff-lcs (>= 1.1.3, < 2.0)
    rspec-mocks (2.14.4)
    rspec-puppet (0.1.6)
      rspec
    rspec-system (2.7.2)
      kwalify (~> 0.7.2)
      net-scp (~> 1.1)
      net-ssh (~> 2.7)
      nokogiri (~> 1.5.10)
      rbvmomi (~> 1.6)
      rspec (~> 2.14)
      systemu (~> 2.5)
    rspec-system-puppet (2.2.1)
      rspec-system (~> 2.0)
    rspec-system-serverspec (1.0.1)
      rspec-system (~> 2.0)
      serverspec (~> 0.0)
    ruby-hmac (0.4.0)
    serverspec (0.11.1)
      highline
      net-ssh
      rspec (>= 2.13.0)
    simplecov (0.8.1)
      docile (~> 1.1.0)
      lockfile (>= 2.1.0)
      multi_json
      simplecov-html (~> 0.8.0)
    simplecov-html (0.8.0)
    slop (3.4.6)
    systemu (2.5.2)
    thor (0.18.1)
    trollop (2.0)
    unf (0.1.3)
      unf_ext
    unf_ext (0.0.6)

PLATFORMS
  ruby

DEPENDENCIES
  beaker
  mime-types (< 2.0)
  pry
  puppet (~> 2.7.0)
  puppet-lint
  puppetlabs_spec_helper
  rake
  rspec-puppet
  rspec-system
  rspec-system-puppet
  rspec-system-serverspec
  serverspec
  simplecov
